PATH
  remote: .
  specs:
    doi (0.0.1)
      json (~> 1.8)
      nokogiri (~> 1.6)
      typhoeus (~> 0.7)

GEM
  remote: https://rubygems.org/
  specs:
    diff-lcs (1.3)
    ethon (0.12.0)
      ffi (>= 1.3.0)
    ffi (1.11.1)
    json (1.8.6)
    mini_portile2 (2.4.0)
    nokogiri (1.10.4)
      mini_portile2 (~> 2.4.0)
    rspec (2.99.0)
      rspec-core (~> 2.99.0)
      rspec-expectations (~> 2.99.0)
      rspec-mocks (~> 2.99.0)
    rspec-core (2.99.2)
    rspec-expectations (2.99.2)
      diff-lcs (>= 1.1.3, < 2.0)
    rspec-mocks (2.99.4)
    typhoeus (0.8.0)
      ethon (>= 0.8.0)

PLATFORMS
  ruby

DEPENDENCIES
  doi!
  rspec (~> 2.1)

BUNDLED WITH
   1.17.2
